PATH
  remote: .
  specs:
    sabredav_export (0.0.2)

GEM
  remote: http://rubygems.org/
  specs:
    metaclass (0.0.2)
    mocha (1.0.0)
      metaclass (~> 0.0.1)
    rake (10.1.1)

PLATFORMS
  ruby

DEPENDENCIES
  mocha
  rake
  sabredav_export!
